GEM
  remote: https://rubygems.org/
  specs:
    bourbon (3.1.8)
      sass (>= 3.2.0)
      thor
    coffee-script (2.2.0)
      coffee-script-source
      execjs
    coffee-script-source (1.6.3)
    execjs (2.0.2)
    haml (4.0.0)
      tilt
    hike (1.2.3)
    multi_json (1.8.0)
    rack (1.4.5)
    rack-coffee (1.0.2)
      coffee-script
      rack
    rack-protection (1.5.0)
      rack
    sass (3.2.11)
    sinatra (1.4.3)
      rack (~> 1.4)
      rack-protection (~> 1.4)
      tilt (~> 1.3, >= 1.3.4)
    sprockets (2.10.0)
      hike (~> 1.2)
      multi_json (~> 1.0)
      rack (~> 1.0)
      tilt (~> 1.1, != 1.3.0)
    thor (0.18.1)
    tilt (1.4.1)

PLATFORMS
  ruby

DEPENDENCIES
  bourbon
  haml
  rack
  rack-coffee
  sass
  sinatra
  sprockets (~> 2.10.0)
